GEM
  remote: https://rubygems.org/
  specs:
    jruby-jars (1.7.2)
    jruby-rack (1.1.13.1)
    rake (10.0.3)
    rubyzip (0.9.9)
    warbler (1.3.6)
      jruby-jars (>= 1.4.0)
      jruby-rack (>= 1.0.0)
      rake (>= 0.8.7)
      rubyzip (>= 0.9.4)

PLATFORMS
  java

DEPENDENCIES
  warbler
